GIT
  remote: git://github.com/thoughtbot/bitters.git
  revision: 5de1e252df10a98fbe083b1a67eefe163e597dbf
  specs:
    bitters (1.0.0)
      bourbon (>= 3.2)
      sass (>= 3.2)
      thor

GIT
  remote: git://github.com/thoughtbot/bourbon.git
  revision: 788578850a5626a959f26044fd69f348ce159958
  specs:
    bourbon (4.1.1)
      sass (~> 3.4)
      thor

GIT
  remote: git://github.com/thoughtbot/neat.git
  revision: ba9c78933a7d18e0e6aa3bcf035c486a04b8c8a6
  specs:
    neat (1.7.1)
      bourbon (>= 4.0)
      sass (>= 3.3)

GEM
  remote: http://rubygems.org/
  specs:
    sass (3.4.11)
    thor (0.19.1)

PLATFORMS
  ruby

DEPENDENCIES
  bitters!
  bourbon!
  neat!
